GEM
  remote: https://rubygems.org/
  specs:
    json (2.9.0)
    nokogiri (1.17.1-arm64-darwin)
      racc (~> 1.4)
    racc (1.8.1)
    yaml (0.4.0)

PLATFORMS
  arm64-darwin-22

DEPENDENCIES
  json
  nokogiri
  yaml

BUNDLED WITH
   2.4.12
